GEM
  remote: https://rubygems.org/
  specs:
    activesupport (6.1.3.1)
      concurrent-ruby (~> 1.0, >= 1.0.2)
      i18n (>= 1.6, < 2)
      minitest (>= 5.1)
      tzinfo (~> 2.0)
      zeitwerk (~> 2.3)
    atlassian-jwt (0.2.0)
      jwt (~> 2.1.0)
    concurrent-ruby (1.1.8)
    i18n (1.8.10)
      concurrent-ruby (~> 1.0)
    jira-ruby (2.1.5)
      activesupport
      atlassian-jwt
      multipart-post
      oauth (~> 0.5, >= 0.5.0)
    jwt (2.1.0)
    minitest (5.14.4)
    multipart-post (2.1.1)
    oauth (0.5.6)
    tzinfo (2.0.4)
      concurrent-ruby (~> 1.0)
    zeitwerk (2.4.2)

PLATFORMS
  ruby

DEPENDENCIES
  jira-ruby (~> 2.1, >= 2.1.5)

BUNDLED WITH
   1.17.2
